GEM
  remote: http://rubygems.org/
  specs:
    execjs (0.1.1)
    json (1.5.1)
    uglifier (0.5.0)
      execjs (~> 0.1.0)
      json

PLATFORMS
  ruby

DEPENDENCIES
  uglifier (~> 0.5.0)
